GIT
  remote: git@github.com:danielstutzman/sso_sap.git
  revision: 8f657b6fa12e885d97c2f0ab3714e629403f8e9b
  specs:
    sso_sap (0.1.0)

GEM
  remote: https://rubygems.org/
  specs:
    haml (3.1.6)
    rack (1.4.1)
    rack-protection (1.2.0)
      rack
    sinatra (1.3.2)
      rack (~> 1.3, >= 1.3.6)
      rack-protection (~> 1.2)
      tilt (~> 1.3, >= 1.3.3)
    sinatra-flash (0.3.0)
      sinatra (>= 1.0.0)
    tilt (1.3.3)

PLATFORMS
  ruby

DEPENDENCIES
  haml
  sinatra
  sinatra-flash
  sso_sap!
